GEM
  remote: http://rubygems.org/
  specs:
    aws-s3 (0.6.3)
      builder
      mime-types
      xml-simple
    builder (3.2.4)
    chunky_png (1.4.0)
    compass (0.12.7)
      chunky_png (~> 1.2)
      fssm (>= 0.2.7)
      sass (~> 3.2.19)
    fssm (0.2.10)
    haml (3.1.8)
    mime-types (3.3.1)
      mime-types-data (~> 3.2015)
    mime-types-data (3.2020.1104)
    rack (2.2.3)
    sass (3.2.19)
    staticmatic3 (2.1.10)
      aws-s3 (~> 0.6.3)
      compass (~> 0.12.1)
      haml (~> 3.1)
      rack (~> 2.2.3)
      sass (~> 3.1, <= 3.2.19)
      thor (~> 1.1.0)
      tilt (~> 1.3, <= 1.4.1)
    thor (1.1.0)
    tilt (1.4.1)
    xml-simple (1.1.8)

PLATFORMS
  x64-mingw32

DEPENDENCIES
  staticmatic3 (= 2.1.10)

BUNDLED WITH
   2.1.4
